GEM
  remote: https://rubygems.org/
  specs:
    jwt (2.1.0)

PLATFORMS
  ruby

DEPENDENCIES
  jwt

RUBY VERSION
   ruby 2.4.2p198

BUNDLED WITH
   1.15.4
